GEM
  remote: https://rubygems.org/
  specs:
    ethon (0.12.0)
      ffi (>= 1.3.0)
    ffi (1.10.0)
    json (2.2.0)
    typhoeus (1.3.1)
      ethon (>= 0.9.0)
    vsphere-automation-appliance (0.1.0)
      json (~> 2.1)
      typhoeus (~> 1.3)
      vsphere-automation-cis (~> 0.1)
    vsphere-automation-cis (0.1.0)
      json (~> 2.1)
      typhoeus (~> 1.3)
    vsphere-automation-content (0.1.0)
      json (~> 2.1)
      typhoeus (~> 1.3)
      vsphere-automation-cis (~> 0.1)
    vsphere-automation-sdk (0.1.0)
      json (~> 2.1)
      typhoeus (~> 1.3)
      vsphere-automation-appliance (~> 0.1)
      vsphere-automation-cis (~> 0.1)
      vsphere-automation-content (~> 0.1)
      vsphere-automation-vapi (~> 0.1)
      vsphere-automation-vcenter (~> 0.1)
    vsphere-automation-vapi (0.1.0)
      json (~> 2.1)
      typhoeus (~> 1.3)
      vsphere-automation-cis (~> 0.1)
    vsphere-automation-vcenter (0.1.0)
      json (~> 2.1)
      typhoeus (~> 1.3)
      vsphere-automation-cis (~> 0.1)

PLATFORMS
  ruby

DEPENDENCIES
  vsphere-automation-sdk (~> 0.1.0)

BUNDLED WITH
   1.17.2
